GEM
  remote: http://rubygems.org/
  specs:
    cinch (2.0.2)
    foreman (0.46.0)
      thor (>= 0.13.6)
    thor (0.14.6)
    yajl-ruby (1.1.0)

PLATFORMS
  ruby

DEPENDENCIES
  bundler
  cinch
  foreman
  yajl-ruby
