GEM
  remote: http://rubygems.org/
  specs:
    cinch (2.0.2)
    yajl-ruby (1.1.0)

PLATFORMS
  ruby

DEPENDENCIES
  bundler
  cinch
  yajl-ruby
